GEM
  remote: http://rubygems.org/
  specs:
    activerecord (2.3.14)
      activesupport (= 2.3.14)
    activesupport (2.3.14)
    awesome_print (1.0.2)
    htmlentities (4.3.1)
    i18n (0.6.0)
    libcraigscrape (1.0)
      activerecord (>= 2.3.0, < 3)
      activesupport (>= 2.3.0, < 3)
      htmlentities (>= 4.0.0)
      nokogiri (>= 1.4.4)
    mail (2.4.4)
      i18n (>= 0.4.0)
      mime-types (~> 1.16)
      treetop (~> 1.4.8)
    mime-types (1.19)
    nokogiri (1.5.2)
    polyglot (0.3.3)
    pony (1.4)
      mail (> 2.0)
    prowl (0.1.3)
    treetop (1.4.10)
      polyglot
      polyglot (>= 0.3.1)

PLATFORMS
  ruby

DEPENDENCIES
  awesome_print
  libcraigscrape
  pony
  prowl
