GEM
  remote: http://rubygems.org/
  specs:
    activerecord (2.3.14)
      activesupport (= 2.3.14)
    activesupport (2.3.14)
    htmlentities (4.3.1)
    libcraigscrape (1.0)
      activerecord (>= 2.3.0, < 3)
      activesupport (>= 2.3.0, < 3)
      htmlentities (>= 4.0.0)
      nokogiri (>= 1.4.4)
    nokogiri (1.5.2)
    prowl (0.1.3)

PLATFORMS
  ruby

DEPENDENCIES
  libcraigscrape
  prowl
